GEM
  remote: http://rubygems.org/
  specs:
    abstract (1.0.0)
    abstract (1.0.0)
    actionmailer (3.0.0.beta4)
      actionpack (= 3.0.0.beta4)
      mail (~> 2.2.3)
    actionmailer (3.0.0.beta4)
      actionpack (= 3.0.0.beta4)
      mail (~> 2.2.3)
    actionpack (3.0.0.beta4)
      activemodel (= 3.0.0.beta4)
      activesupport (= 3.0.0.beta4)
      builder (~> 2.1.2)
      erubis (~> 2.6.5)
      i18n (~> 0.4.1)
      rack (~> 1.1.0)
      rack-mount (~> 0.6.3)
      rack-test (~> 0.5.4)
      tzinfo (~> 0.3.16)
    actionpack (3.0.0.beta4)
      activemodel (= 3.0.0.beta4)
      activesupport (= 3.0.0.beta4)
      builder (~> 2.1.2)
      erubis (~> 2.6.5)
      i18n (~> 0.4.1)
      rack (~> 1.1.0)
      rack-mount (~> 0.6.3)
      rack-test (~> 0.5.4)
      tzinfo (~> 0.3.16)
    activemodel (3.0.0.beta4)
      activesupport (= 3.0.0.beta4)
      builder (~> 2.1.2)
      i18n (~> 0.4.1)
    activemodel (3.0.0.beta4)
      activesupport (= 3.0.0.beta4)
      builder (~> 2.1.2)
      i18n (~> 0.4.1)
    activerecord (3.0.0.beta4)
      activemodel (= 3.0.0.beta4)
      activesupport (= 3.0.0.beta4)
      arel (~> 0.4.0)
      tzinfo (~> 0.3.16)
    activerecord (3.0.0.beta4)
      activemodel (= 3.0.0.beta4)
      activesupport (= 3.0.0.beta4)
      arel (~> 0.4.0)
      tzinfo (~> 0.3.16)
    activeresource (3.0.0.beta4)
      activemodel (= 3.0.0.beta4)
      activesupport (= 3.0.0.beta4)
    activeresource (3.0.0.beta4)
      activemodel (= 3.0.0.beta4)
      activesupport (= 3.0.0.beta4)
    activesupport (3.0.0.beta4)
    activesupport (3.0.0.beta4)
    arel (0.4.0)
      activesupport (>= 3.0.0.beta)
    arel (0.4.0)
      activesupport (>= 3.0.0.beta)
    bluecloth (2.0.7)
    bluecloth (2.0.7)
    bson (1.0.3)
    bson (1.0.3)
    bson_ext (1.0.1)
    bson_ext (1.0.1)
    builder (2.1.2)
    builder (2.1.2)
    capybara (0.3.9)
      culerity (>= 0.2.4)
      mime-types (>= 1.16)
      nokogiri (>= 1.3.3)
      rack (>= 1.0.0)
      rack-test (>= 0.5.4)
      selenium-webdriver (>= 0.0.3)
    capybara (0.3.9)
      culerity (>= 0.2.4)
      mime-types (>= 1.16)
      nokogiri (>= 1.3.3)
      rack (>= 1.0.0)
      rack-test (>= 0.5.4)
      selenium-webdriver (>= 0.0.3)
    columnize (0.3.1)
    columnize (0.3.1)
    configuration (1.1.0)
    configuration (1.1.0)
    culerity (0.2.10)
    culerity (0.2.10)
    decent_exposure (0.2.4)
    decent_exposure (0.2.4)
    diff-lcs (1.1.2)
    diff-lcs (1.1.2)
    erubis (2.6.6)
      abstract (>= 1.0.0)
    erubis (2.6.6)
      abstract (>= 1.0.0)
    fabrication (0.1.1)
    fabrication (0.1.1)
    ffaker (0.4.0)
    ffaker (0.4.0)
    ffi (0.6.3)
      rake (>= 0.8.7)
    ffi (0.6.3)
      rake (>= 0.8.7)
    haml (3.0.12)
    haml (3.0.12)
    i18n (0.4.1)
    i18n (0.4.1)
    json_pure (1.4.3)
    json_pure (1.4.3)
    launchy (0.3.5)
      configuration (>= 0.0.5)
      rake (>= 0.8.1)
    launchy (0.3.5)
      configuration (>= 0.0.5)
      rake (>= 0.8.1)
    linecache (0.43)
    linecache (0.43)
    mail (2.2.5)
      activesupport (>= 2.3.6)
      mime-types
      treetop (>= 1.4.5)
    mail (2.2.5)
      activesupport (>= 2.3.6)
      mime-types
      treetop (>= 1.4.5)
    mime-types (1.16)
    mime-types (1.16)
    mongo (1.0.3)
      bson (= 1.0.3)
    mongo (1.0.3)
      bson (= 1.0.3)
    mongoid (2.0.0.beta7)
      activemodel (~> 3.0.0.beta)
      bson (~> 1.0.1)
      mongo (~> 1.0.1)
      tzinfo (~> 0.3.22)
      will_paginate (~> 3.0.pre)
    mongoid (2.0.0.beta7)
      activemodel (~> 3.0.0.beta)
      bson (~> 1.0.1)
      mongo (~> 1.0.1)
      tzinfo (~> 0.3.22)
      will_paginate (~> 3.0.pre)
    nokogiri (1.4.2)
    nokogiri (1.4.2)
    polyglot (0.3.1)
    polyglot (0.3.1)
    rack (1.1.0)
    rack (1.1.0)
    rack-mount (0.6.6)
      rack
    rack-mount (0.6.6)
      rack
    rack-test (0.5.4)
      rack (>= 1.0)
    rack-test (0.5.4)
      rack (>= 1.0)
    rails (3.0.0.beta4)
      actionmailer (= 3.0.0.beta4)
      actionpack (= 3.0.0.beta4)
      activerecord (= 3.0.0.beta4)
      activeresource (= 3.0.0.beta4)
      activesupport (= 3.0.0.beta4)
      bundler (>= 0.9.26)
      railties (= 3.0.0.beta4)
    rails (3.0.0.beta4)
      actionmailer (= 3.0.0.beta4)
      actionpack (= 3.0.0.beta4)
      activerecord (= 3.0.0.beta4)
      activeresource (= 3.0.0.beta4)
      activesupport (= 3.0.0.beta4)
      bundler (>= 0.9.26)
      railties (= 3.0.0.beta4)
    railties (3.0.0.beta4)
      actionpack (= 3.0.0.beta4)
      activesupport (= 3.0.0.beta4)
      rake (>= 0.8.3)
      thor (~> 0.13.6)
    railties (3.0.0.beta4)
      actionpack (= 3.0.0.beta4)
      activesupport (= 3.0.0.beta4)
      rake (>= 0.8.3)
      thor (~> 0.13.6)
    rake (0.8.7)
    rake (0.8.7)
    rspec (2.0.0.beta.12)
      rspec-core (= 2.0.0.beta.12)
      rspec-expectations (= 2.0.0.beta.12)
      rspec-mocks (= 2.0.0.beta.12)
    rspec (2.0.0.beta.12)
      rspec-core (= 2.0.0.beta.12)
      rspec-expectations (= 2.0.0.beta.12)
      rspec-mocks (= 2.0.0.beta.12)
    rspec-core (2.0.0.beta.12)
    rspec-core (2.0.0.beta.12)
    rspec-expectations (2.0.0.beta.12)
      diff-lcs (>= 1.1.2)
    rspec-expectations (2.0.0.beta.12)
      diff-lcs (>= 1.1.2)
    rspec-mocks (2.0.0.beta.12)
    rspec-mocks (2.0.0.beta.12)
    rspec-rails (2.0.0.beta.12)
      rspec (= 2.0.0.beta.12)
      webrat (>= 0.7.0)
    rspec-rails (2.0.0.beta.12)
      rspec (= 2.0.0.beta.12)
      webrat (>= 0.7.0)
    ruby-debug (0.10.3)
      columnize (>= 0.1)
      ruby-debug-base (~> 0.10.3.0)
    ruby-debug (0.10.3)
      columnize (>= 0.1)
      ruby-debug-base (~> 0.10.3.0)
    ruby-debug-base (0.10.3)
      linecache (>= 0.3)
    ruby-debug-base (0.10.3)
      linecache (>= 0.3)
    selenium-webdriver (0.0.24)
      ffi (>= 0.6.1)
      json_pure
    selenium-webdriver (0.0.24)
      ffi (>= 0.6.1)
      json_pure
    thor (0.13.7)
    thor (0.13.7)
    treetop (1.4.8)
      polyglot (>= 0.3.1)
    treetop (1.4.8)
      polyglot (>= 0.3.1)
    tzinfo (0.3.22)
    tzinfo (0.3.22)
    webrat (0.7.1)
      nokogiri (>= 1.2.0)
      rack (>= 1.0)
      rack-test (>= 0.5.3)
    webrat (0.7.1)
      nokogiri (>= 1.2.0)
      rack (>= 1.0)
      rack-test (>= 0.5.3)
    will_paginate (3.0.pre)
    will_paginate (3.0.pre)

PLATFORMS
  ruby

DEPENDENCIES
  bluecloth (= 2.0.7)
  bson_ext (= 1.0.1)
  capybara (= 0.3.9)
  decent_exposure (= 0.2.4)
  fabrication (= 0.1.1)
  ffaker
  haml (= 3.0.12)
  launchy
  mongoid (= 2.0.0.beta7)
  rails (= 3.0.0.beta4)
  rspec-rails (= 2.0.0.beta.12)
  ruby-debug
  will_paginate (= 3.0.pre)
